GEM
  remote: https://rubygems.org/
  specs:
    diff-lcs (1.4.4)
    pastel (0.8.0)
      tty-color (~> 0.5)
    rainbow (3.0.0)
    rspec (3.10.0)
      rspec-core (~> 3.10.0)
      rspec-expectations (~> 3.10.0)
      rspec-mocks (~> 3.10.0)
    rspec-core (3.10.1)
      rspec-support (~> 3.10.0)
    rspec-expectations (3.10.1)
      diff-lcs (>= 1.2.0, < 2.0)
      rspec-support (~> 3.10.0)
    rspec-mocks (3.10.2)
      diff-lcs (>= 1.2.0, < 2.0)
      rspec-support (~> 3.10.0)
    rspec-support (3.10.2)
    terminal-table (3.0.2)
      unicode-display_width (>= 1.1.1, < 3)
    tty-color (0.6.0)
    tty-cursor (0.7.1)
    tty-prompt (0.23.1)
      pastel (~> 0.8)
      tty-reader (~> 0.8)
    tty-reader (0.9.0)
      tty-cursor (~> 0.7)
      tty-screen (~> 0.8)
      wisper (~> 2.0)
    tty-screen (0.8.1)
    unicode-display_width (2.1.0)
    wisper (2.0.1)

PLATFORMS
  x86_64-darwin-20

DEPENDENCIES
  rainbow (~> 3.0)
  rspec (~> 3.10)
  terminal-table (~> 3.0)
  tty-prompt (~> 0.23.1)

BUNDLED WITH
   2.2.27
